GEM
  remote: http://rubygems.org/
  specs:
    ParseTree (3.0.5)
      RubyInline (>= 3.7.0)
      sexp_processor (>= 3.0.0)
    RubyInline (3.8.4)
      ZenTest
    SystemTimer (1.2)
    ZenTest (4.3.3)
    addressable (2.1.2)
    columnize (0.3.1)
    data_objects (0.10.2)
      addressable (~> 2.1)
    diff-lcs (1.1.2)
    dm-aggregates (1.0.0)
      dm-core (~> 1.0.0)
    dm-constraints (1.0.0)
      dm-core (~> 1.0.0)
      dm-migrations (~> 1.0.0)
    dm-core (1.0.0)
      addressable (~> 2.1)
      extlib (~> 0.9.15)
    dm-do-adapter (1.0.0)
      data_objects (~> 0.10.1)
      dm-core (~> 1.0.0)
    dm-migrations (1.0.0)
      dm-core (~> 1.0.0)
    dm-mysql-adapter (1.0.0)
      dm-do-adapter (~> 1.0.0)
      do_mysql (~> 0.10.2)
    dm-postgres-adapter (1.0.0)
      dm-do-adapter (~> 1.0.0)
      do_postgres (~> 0.10.2)
    dm-sqlite-adapter (1.0.0)
      dm-do-adapter (~> 1.0.0)
      do_sqlite3 (~> 0.10.2)
    dm-sweatshop (1.0.0)
      dm-core (~> 1.0.0)
      randexp (~> 0.1.5)
    dm-transactions (1.0.0)
      dm-core (~> 1.0.0)
    dm-validations (1.0.0)
      dm-core (~> 1.0.0)
    do_mysql (0.10.2)
      data_objects (= 0.10.2)
    do_postgres (0.10.2)
      data_objects (= 0.10.2)
    do_sqlite3 (0.10.2)
      data_objects (= 0.10.2)
    extlib (0.9.15)
    fakeweb (1.2.8)
    json (1.4.5)
    linecache (0.43)
    mime-types (1.16)
    rack (1.2.1)
    rake (0.8.7)
    randexp (0.1.5)
      ParseTree
    redis (2.0.5)
    redis-namespace (0.7.0)
      redis (< 3.0.0)
    resque (1.9.8)
      json (>= 1.1.0)
      redis-namespace (~> 0.7.0)
      sinatra (>= 0.9.2)
      vegas (~> 0.1.2)
    rest-client (1.6.0)
      mime-types (>= 1.16)
    rspec (2.5.0)
      rspec-core (~> 2.5.0)
      rspec-expectations (~> 2.5.0)
      rspec-mocks (~> 2.5.0)
    rspec-core (2.5.1)
    rspec-expectations (2.5.0)
      diff-lcs (~> 1.1.2)
    rspec-mocks (2.5.0)
    ruby-debug (0.10.3)
      columnize (>= 0.1)
      ruby-debug-base (~> 0.10.3.0)
    ruby-debug-base (0.10.3)
      linecache (>= 0.3)
    sexp_processor (3.0.4)
    sinatra (1.0)
      rack (>= 1.0)
    vegas (0.1.7)
      rack (>= 1.0.0)

PLATFORMS
  ruby

DEPENDENCIES
  SystemTimer
  dm-aggregates (~> 1.0.0)
  dm-constraints (~> 1.0.0)
  dm-core (~> 1.0.0)
  dm-do-adapter (~> 1.0.0)
  dm-migrations (~> 1.0.0)
  dm-mysql-adapter (~> 1.0.0)
  dm-postgres-adapter (~> 1.0.0)
  dm-sqlite-adapter (~> 1.0.0)
  dm-sweatshop (~> 1.0.0)
  dm-transactions (~> 1.0.0)
  dm-validations (~> 1.0.0)
  fakeweb
  json
  rake
  resque
  rest-client (~> 1.6.0)
  rspec (~> 2.5.0)
  ruby-debug
