GEM
  remote: http://rubygems.org/
  specs:
    ParseTree (3.0.5)
      RubyInline (>= 3.7.0)
      sexp_processor (>= 3.0.0)
    RubyInline (3.8.4)
      ZenTest
    ZenTest (4.3.3)
    addressable (2.1.2)
    columnize (0.3.1)
    data_objects (0.10.2)
      addressable (~> 2.1)
    dm-constraints (1.0.0)
      dm-core (~> 1.0.0)
      dm-migrations (~> 1.0.0)
    dm-core (1.0.0)
      addressable (~> 2.1)
      extlib (~> 0.9.15)
    dm-do-adapter (1.0.0)
      data_objects (~> 0.10.1)
      dm-core (~> 1.0.0)
    dm-migrations (1.0.0)
      dm-core (~> 1.0.0)
    dm-observer (1.0.0)
      dm-core (~> 1.0.0)
    dm-sqlite-adapter (1.0.0)
      dm-do-adapter (~> 1.0.0)
      do_sqlite3 (~> 0.10.2)
    dm-sweatshop (1.0.0)
      dm-core (~> 1.0.0)
      randexp (~> 0.1.5)
    dm-timestamps (1.0.0)
      dm-core (~> 1.0.0)
    dm-transactions (1.0.0)
      dm-core (~> 1.0.0)
    dm-validations (1.0.0)
      dm-core (~> 1.0.0)
    do_sqlite3 (0.10.2)
      data_objects (= 0.10.2)
    extlib (0.9.15)
    fakeweb (1.2.8)
    json_pure (1.2.4)
    linecache (0.43)
    mime-types (1.16)
    rake (0.8.7)
    randexp (0.1.5)
      ParseTree
    rest-client (1.6.0)
      mime-types (>= 1.16)
    rspec (1.3.0)
    ruby-debug (0.10.3)
      columnize (>= 0.1)
      ruby-debug-base (~> 0.10.3.0)
    ruby-debug-base (0.10.3)
      linecache (>= 0.3)
    sexp_processor (3.0.4)

PLATFORMS
  ruby

DEPENDENCIES
  dm-constraints (~> 1.0.0)
  dm-core (~> 1.0.0)
  dm-do-adapter (~> 1.0.0)
  dm-migrations (~> 1.0.0)
  dm-observer (~> 1.0.0)
  dm-sqlite-adapter (~> 1.0.0)
  dm-sweatshop (~> 1.0.0)
  dm-timestamps (~> 1.0.0)
  dm-transactions (~> 1.0.0)
  dm-validations (~> 1.0.0)
  fakeweb
  json_pure
  rake
  rest-client (~> 1.6.0)
  rspec (~> 1.3.0)
  ruby-debug
